GIT
  remote: git@github.com:customink/style_guide.git
  revision: 44de162ae0321713520f439dabc180d768462052
  specs:
    style_guide (2.0.0.rc3)
      actionpack (>= 2.0)
      activesupport (>= 2.0)
      i18n
      libby (>= 0.0.11)
      nanoc-navigation_builder (~> 1.0.0.beta5)
      nokogiri
      nokogiri

GEM
  remote: http://rubygems.org/
  specs:
    actionpack (3.1.0)
      activemodel (= 3.1.0)
      activesupport (= 3.1.0)
      builder (~> 3.0.0)
      erubis (~> 2.7.0)
      i18n (~> 0.6)
      rack (~> 1.3.2)
      rack-cache (~> 1.0.3)
      rack-mount (~> 0.8.2)
      rack-test (~> 0.6.1)
      sprockets (~> 2.0.0)
    activemodel (3.1.0)
      activesupport (= 3.1.0)
      bcrypt-ruby (~> 3.0.0)
      builder (~> 3.0.0)
      i18n (~> 0.6)
    activesupport (3.1.0)
      multi_json (~> 1.0)
    bcrypt-ruby (3.0.1)
    blockenspiel (0.4.3)
    builder (3.0.0)
    chunky_png (1.2.0)
    compass (0.11.3)
      chunky_png (~> 1.2)
      fssm (>= 0.2.7)
      sass (~> 3.1)
    erubis (2.7.0)
    fssm (0.2.7)
    git (1.2.5)
    hike (1.2.1)
    i18n (0.6.0)
    jeweler (1.6.4)
      bundler (~> 1.0)
      git (>= 1.2.5)
      rake
    libby (0.0.11)
      activesupport
      versionomy (>= 0.4.0)
    multi_json (1.0.3)
    mustache (0.99.4)
    nanoc-navigation_builder (1.0.0.beta5)
      navigation_builder (~> 1.0.0.beta4)
      navigation_builder (~> 1.0.0.beta5)
    navigation_builder (1.0.0.beta5)
    nokogiri (1.5.0)
    pygmentize (0.0.3)
    rack (1.3.2)
    rack-cache (1.0.3)
      rack (>= 0.4)
    rack-mount (0.8.3)
      rack (>= 1.0.0)
    rack-test (0.6.1)
      rack (>= 1.0)
    rake (0.9.2)
    rcov (0.9.9)
    redcarpet (1.17.2)
    rocco (0.8.2)
      mustache
      redcarpet
    sass (3.1.5)
    shoulda (2.11.3)
    sprockets (2.0.0)
      hike (~> 1.2)
      rack (~> 1.0)
      tilt (~> 1.1, != 1.3.0)
    tilt (1.3.3)
    versionomy (0.4.1)
      blockenspiel (>= 0.4.1)

PLATFORMS
  ruby

DEPENDENCIES
  activesupport (>= 2)
  bundler (~> 1.0.0)
  compass (~> 0.11.3)
  jeweler (~> 1.6.4)
  pygmentize (~> 0.0.3)
  rcov (~> 0.9.9)
  rocco (~> 0.8.1)
  shoulda (~> 2.11.3)
  style_guide!
